GEM
  remote: https://rubygems.org/
  specs:
    catpix (0.2.0)
      docopt (~> 0.5, >= 0.5.0)
      rmagick (~> 2.15, >= 2.15.2)
      ruby-terminfo (~> 0.1, >= 0.1.1)
      tco (~> 0.1, >= 0.1.8)
    docopt (0.5.0)
    json (1.8.3)
    rake (10.5.0)
    require_all (1.3.3)
    rmagick (2.15.4)
    ruby-terminfo (0.1.1)
    tco (0.1.8)

PLATFORMS
  ruby

DEPENDENCIES
  catpix
  json
  rake
  require_all

BUNDLED WITH
   1.11.2
